GEM
  remote: http://rubygems.org/
  specs:
    abstract (1.0.0)
    actionmailer (3.0.10)
      actionpack (= 3.0.10)
      mail (~> 2.2.19)
    actionpack (3.0.10)
      activemodel (= 3.0.10)
      activesupport (= 3.0.10)
      builder (~> 2.1.2)
      erubis (~> 2.6.6)
      i18n (~> 0.5.0)
      rack (~> 1.2.1)
      rack-mount (~> 0.6.14)
      rack-test (~> 0.5.7)
      tzinfo (~> 0.3.23)
    activemodel (3.0.10)
      activesupport (= 3.0.10)
      builder (~> 2.1.2)
      i18n (~> 0.5.0)
    activerecord (3.0.10)
      activemodel (= 3.0.10)
      activesupport (= 3.0.10)
      arel (~> 2.0.10)
      tzinfo (~> 0.3.23)
    activeresource (3.0.10)
      activemodel (= 3.0.10)
      activesupport (= 3.0.10)
    activesupport (3.0.10)
    acts-as-taggable-on (2.1.1)
      rails
    addressable (2.2.4)
    arel (2.0.10)
    awesome_print (0.4.0)
    bcrypt-ruby (3.0.1)
    bson (1.3.1)
    bson_ext (1.3.1)
    builder (2.1.2)
    compete (0.2.1)
      httparty (>= 0.4.3)
    couchrest (1.1.2)
      mime-types (~> 1.15)
      multi_json (~> 1.0.0)
      rest-client (~> 1.6.1)
    crack (0.1.8)
    curb (0.7.15)
    daemons (1.1.4)
    delayed_job (2.1.4)
      activesupport (~> 3.0)
      daemons
    devise (1.4.5)
      bcrypt-ruby (~> 3.0)
      orm_adapter (~> 0.0.3)
      warden (~> 1.0.3)
    diff-lcs (1.1.3)
    domainatrix (0.0.10)
      addressable
    erubis (2.6.6)
      abstract (>= 1.0.0)
    escape (0.0.4)
    facebooker2 (0.0.12)
      mogli (>= 0.0.12)
      ruby-hmac
    factory_girl (2.1.0)
    factory_girl_rails (1.2.0)
      factory_girl (~> 2.1.0)
      railties (>= 3.0.0)
    faker (1.0.0)
      i18n (~> 0.4)
    faraday (0.6.1)
      addressable (~> 2.2.4)
      multipart-post (~> 1.1.0)
      rack (< 2, >= 1.1.0)
    faraday_middleware (0.6.5)
      faraday (~> 0.6.0)
    fastercsv (1.5.4)
    feedzirra (0.0.24)
      activesupport (>= 2.3.8)
      builder (>= 2.1.2)
      curb (>= 0.2.3)
      loofah (>= 0.3.1)
      nokogiri (> 0.0.0)
      sax-machine (>= 0.0.12)
    gchartrb (0.8)
    google-search (1.0.2)
      json
    hashie (1.0.0)
    httparty (0.7.8)
      crack (= 0.1.8)
    i18n (0.5.0)
    jquery-rails (1.0.14)
      railties (~> 3.0)
      thor (~> 0.14)
    json (1.5.4)
    loofah (1.2.0)
      nokogiri (>= 1.4.4)
    mail (2.2.19)
      activesupport (>= 2.3.6)
      i18n (>= 0.4.0)
      mime-types (~> 1.16)
      treetop (~> 1.4.8)
    metaclass (0.0.1)
    mime-types (1.16)
    mocha (0.10.0)
      metaclass (~> 0.0.1)
    mogli (0.0.29)
      hashie (~> 1.0.0)
      httparty (>= 0.4.3)
    mongo (1.3.1)
      bson (>= 1.3.1)
    mongo_mapper (0.9.2)
      activemodel (~> 3.0)
      activesupport (~> 3.0)
      plucky (~> 0.3.8)
    multi_json (1.0.3)
    multi_xml (0.2.2)
    multipart-post (1.1.3)
    net-ldap (0.2.2)
    nifty-generators (0.4.6)
    nokogiri (1.4.7)
    oa-basic (0.2.6)
      oa-core (= 0.2.6)
      rest-client (~> 1.6.0)
    oa-core (0.2.6)
    oa-enterprise (0.2.6)
      addressable (= 2.2.4)
      net-ldap (~> 0.2.2)
      nokogiri (~> 1.4.2)
      oa-core (= 0.2.6)
      pyu-ruby-sasl (~> 0.0.3.1)
      rubyntlm (~> 0.1.1)
    oa-more (0.2.6)
      multi_json (~> 1.0.0)
      oa-core (= 0.2.6)
      rest-client (~> 1.6.0)
    oa-oauth (0.2.6)
      faraday (~> 0.6.1)
      multi_json (~> 1.0.0)
      multi_xml (~> 0.2.2)
      oa-core (= 0.2.6)
      oauth (~> 0.4.0)
      oauth2 (~> 0.4.1)
    oa-openid (0.2.6)
      oa-core (= 0.2.6)
      rack-openid (~> 1.3.1)
      ruby-openid-apps-discovery (~> 1.2.0)
    oauth (0.4.5)
    oauth2 (0.4.1)
      faraday (~> 0.6.1)
      multi_json (>= 0.0.5)
    omniauth (0.2.6)
      oa-basic (= 0.2.6)
      oa-core (= 0.2.6)
      oa-enterprise (= 0.2.6)
      oa-more (= 0.2.6)
      oa-oauth (= 0.2.6)
      oa-openid (= 0.2.6)
    orm_adapter (0.0.5)
    plucky (0.3.8)
      mongo (~> 1.3)
    polyglot (0.3.2)
    pr_geohash (1.0.0)
    pyu-ruby-sasl (0.0.3.3)
    rack (1.2.3)
    rack-mount (0.6.14)
      rack (>= 1.0.0)
    rack-openid (1.3.1)
      rack (>= 1.1.0)
      ruby-openid (>= 2.1.8)
    rack-test (0.5.7)
      rack (>= 1.0)
    rails (3.0.10)
      actionmailer (= 3.0.10)
      actionpack (= 3.0.10)
      activerecord (= 3.0.10)
      activeresource (= 3.0.10)
      activesupport (= 3.0.10)
      bundler (~> 1.0)
      railties (= 3.0.10)
    rails3-generators (0.17.4)
      railties (>= 3.0.0)
    railties (3.0.10)
      actionpack (= 3.0.10)
      activesupport (= 3.0.10)
      rake (>= 0.8.7)
      rdoc (~> 3.4)
      thor (~> 0.14.4)
    raingrams (0.1.2)
      nokogiri (>= 1.2.0)
    rake (0.8.7)
    rdoc (3.9.4)
    rest-client (1.6.7)
      mime-types (>= 1.16)
    rsolr (0.12.1)
      builder (>= 2.1.2)
    rspec (2.6.0)
      rspec-core (~> 2.6.0)
      rspec-expectations (~> 2.6.0)
      rspec-mocks (~> 2.6.0)
    rspec-core (2.6.4)
    rspec-expectations (2.6.0)
      diff-lcs (~> 1.1.2)
    rspec-mocks (2.6.0)
    rspec-rails (2.6.1)
      actionpack (~> 3.0)
      activesupport (~> 3.0)
      railties (~> 3.0)
      rspec (~> 2.6.0)
    ruby-hmac (0.4.0)
    ruby-openid (2.1.8)
    ruby-openid-apps-discovery (1.2.0)
      ruby-openid (>= 2.1.7)
    rubyntlm (0.1.1)
    sax-machine (0.0.20)
      nokogiri (> 0.0.0)
    simple_oauth (0.1.5)
    simplecov (0.5.2)
      multi_json (~> 1.0.3)
      simplecov-html (~> 0.5.0)
    simplecov-html (0.5.0)
    spork (0.9.0.rc9)
    sqlite3 (1.3.4)
    sunspot (1.2.1)
      escape (= 0.0.4)
      pr_geohash (~> 1.0)
      rsolr (= 0.12.1)
    sunspot_rails (1.2.1)
      nokogiri
      sunspot (= 1.2.1)
    thor (0.14.6)
    treetop (1.4.10)
      polyglot
      polyglot (>= 0.3.1)
    twitter (1.6.0)
      faraday (~> 0.6.1)
      faraday_middleware (~> 0.6.3)
      hashie (~> 1.0.0)
      multi_json (~> 1.0.0)
      multi_xml (~> 0.2.0)
      simple_oauth (~> 0.1.5)
    tzinfo (0.3.29)
    warden (1.0.5)
      rack (>= 1.0)
    webmock (1.6.2)
      addressable (>= 2.2.2)
      crack (>= 0.1.7)
    will_paginate (3.0.0)
    yajl-ruby (0.8.3)
    yard (0.7.2)

PLATFORMS
  ruby

DEPENDENCIES
  acts-as-taggable-on
  awesome_print
  bson_ext
  compete
  couchrest
  delayed_job
  devise
  domainatrix
  facebooker2
  factory_girl_rails
  faker
  fastercsv
  feedzirra
  gchartrb
  google-search
  hashie
  jquery-rails
  json
  mocha
  mogli
  mongo_mapper
  nifty-generators
  omniauth (~> 0.2.4)
  rails (~> 3.0.10)
  rails3-generators
  raingrams
  rake (= 0.8.7)
  rspec-rails
  simplecov
  spork (~> 0.9.0.rc)
  sqlite3
  sunspot_rails (~> 1.2.1)
  twitter
  webmock
  will_paginate
  yajl-ruby
  yard
